GEM
  remote: https://rubygems.org/
  specs:
    ftp_sync (0.4.3)
      net-ftp-list (>= 2.1.1)
    mina (0.3.0)
      open4
      rake
    mina-ftp (0.0.1)
      ftp_sync
      mina
    net-ftp-list (3.2.5)
    open4 (1.3.0)
    rake (10.1.0)

PLATFORMS
  ruby

DEPENDENCIES
  mina-ftp
